GEM
  remote: http://rubygems.org/
  specs:
    activesupport (3.0.5)
    capistrano (2.5.19)
      highline
      net-scp (>= 1.0.0)
      net-sftp (>= 2.0.0)
      net-ssh (>= 2.0.14)
      net-ssh-gateway (>= 1.0.0)
    diff-lcs (1.1.2)
    haml (3.0.25)
    highline (1.6.1)
    i18n (0.5.0)
    json (1.5.1)
    mail (2.2.15)
      activesupport (>= 2.3.6)
      i18n (>= 0.4.0)
      mime-types (~> 1.16)
      treetop (~> 1.4.8)
    mechanize (1.0.0)
      nokogiri (>= 1.2.1)
    mime-types (1.16)
    net-scp (1.0.4)
      net-ssh (>= 1.99.1)
    net-sftp (2.0.5)
      net-ssh (>= 2.0.9)
    net-ssh (2.1.3)
    net-ssh-gateway (1.0.1)
      net-ssh (>= 1.99.1)
    nokogiri (1.4.4)
    oyster (0.9.4)
    packr (3.1.0)
      oyster
    polyglot (0.3.1)
    pony (1.1)
      mail (> 2.0)
    rack (1.2.1)
    rack-test (0.5.7)
      rack (>= 1.0)
    rainpress (1.0)
    rspec (2.5.0)
      rspec-core (~> 2.5.0)
      rspec-expectations (~> 2.5.0)
      rspec-mocks (~> 2.5.0)
    rspec-core (2.5.1)
    rspec-expectations (2.5.0)
      diff-lcs (~> 1.1.2)
    rspec-mocks (2.5.0)
    sinatra (1.1.3)
      rack (~> 1.1)
      tilt (>= 1.2.2, < 2.0)
    sinatra-bundles (0.5.1)
      packr (~> 3.1.0)
      rack (~> 1.0)
      rainpress (~> 1.0)
      sinatra (~> 1.1.0)
    sinatra-content-for2 (0.2.4)
      sinatra
    tilt (1.2.2)
    treetop (1.4.9)
      polyglot (>= 0.3.1)
    unicorn (1.1.5)
      rack

PLATFORMS
  ruby

DEPENDENCIES
  capistrano
  haml
  json
  mechanize
  nokogiri
  pony (>= 1.1)
  rack-test
  rspec
  sinatra (>= 1.0)
  sinatra-bundles (>= 0.4.0)
  sinatra-content-for2
  unicorn (= 1.1.5)
